GEM
  remote: http://rubygems.org/
  specs:
    activesupport (6.0.3.4)
      concurrent-ruby (~> 1.0, >= 1.0.2)
      i18n (>= 0.7, < 2)
      minitest (~> 5.1)
      tzinfo (~> 1.1)
      zeitwerk (~> 2.2, >= 2.2.2)
    addressable (2.3.4)
    api_smith (1.2.0)
      hashie (~> 1.0)
      httparty
      net-http-persistent
    axiom-types (0.1.1)
      descendants_tracker (~> 0.0.4)
      ice_nine (~> 0.11.0)
      thread_safe (~> 0.3, >= 0.3.1)
    builder (3.2.2)
    coercible (1.0.0)
      descendants_tracker (~> 0.0.1)
    concurrent-ruby (1.1.7)
    crass (1.0.6)
    daemons (1.1.9)
    descendants_tracker (0.0.4)
      thread_safe (~> 0.3, >= 0.3.1)
    diff-lcs (1.2.4)
    equalizer (0.0.11)
    eventmachine (1.0.3)
    grape (1.1.0)
      activesupport
      builder
      mustermann-grape (~> 1.0.0)
      rack (>= 1.3.0)
      rack-accept
      virtus (>= 1.0.0)
    hashie (1.2.0)
    httparty (0.10.2)
      multi_json (~> 1.0)
      multi_xml (>= 0.5.2)
    i18n (1.8.5)
      concurrent-ruby (~> 1.0)
    ice_nine (0.11.2)
    json (2.3.0)
    mini_portile2 (2.6.1)
    minitest (5.14.2)
    multi_json (1.10.1)
    multi_xml (0.6.0)
    mustermann (1.1.1)
      ruby2_keywords (~> 0.0.1)
    mustermann-grape (1.0.1)
      mustermann (>= 1.0.0)
    net-http-persistent (2.8)
    nokogiri (1.12.5)
      mini_portile2 (~> 2.6.1)
      racc (~> 1.4)
    nokogumbo (2.0.2)
      nokogiri (~> 1.8, >= 1.8.4)
    racc (1.5.2)
    rack (2.2.3)
    rack-accept (0.4.5)
      rack (>= 0.4)
    rack-contrib (1.1.0)
      rack (>= 0.9.1)
    rack-test (0.6.2)
      rack (>= 1.0)
    rake (12.3.3)
    rdf (1.0.6)
      addressable (>= 2.2)
    rdf-n3 (1.0.0)
      rdf (>= 1.0)
    rdf-virtuoso (0.1.4)
      api_smith (~> 1.2.0)
      httparty (~> 0.10.2)
      rdf (~> 1.0.3)
    rspec (2.13.0)
      rspec-core (~> 2.13.0)
      rspec-expectations (~> 2.13.0)
      rspec-mocks (~> 2.13.0)
    rspec-core (2.13.1)
    rspec-expectations (2.13.0)
      diff-lcs (>= 1.1.3, < 2.0)
    rspec-mocks (2.13.1)
    ruby2_keywords (0.0.2)
    sanitize (5.2.1)
      crass (~> 1.0.2)
      nokogiri (>= 1.8.0)
      nokogumbo (~> 2.0)
    shotgun (0.9)
      rack (>= 1.0)
    thin (1.5.1)
      daemons (>= 1.0.9)
      eventmachine (>= 0.12.6)
      rack (>= 1.0.0)
    thread_safe (0.3.6)
    tzinfo (1.2.7)
      thread_safe (~> 0.1)
    virtus (1.0.5)
      axiom-types (~> 0.1)
      coercible (~> 1.0)
      descendants_tracker (~> 0.0, >= 0.0.3)
      equalizer (~> 0.0, >= 0.0.9)
    zeitwerk (2.4.0)

PLATFORMS
  ruby

DEPENDENCIES
  builder
  bundler
  grape (= 1.1.0)
  json
  multi_json (= 1.10.1)
  rack-contrib
  rack-test
  rake
  rdf
  rdf-n3
  rdf-virtuoso
  rspec
  rspec-core
  rspec-expectations
  rspec-mocks
  sanitize
  shotgun
  thin
